GEM
  remote: https://rubygems.org/
  specs:
    celluloid (0.14.1)
      timers (>= 1.0.0)
    rack (1.5.2)
    rake (10.1.0)
    sucker_punch (1.0.1)
      celluloid (~> 0.14.1)
    timers (1.1.0)

PLATFORMS
  ruby

DEPENDENCIES
  rack
  rake
  sucker_punch
